GEM
  remote: http://rubygems.org/
  specs:
    mini_exiftool (1.3.1)
    nokogiri (1.5.0-java)

PLATFORMS
  java

DEPENDENCIES
  mini_exiftool
  nokogiri
