GEM
  remote: http://rubygems.org/
  specs:
    nokogiri (1.5.0-java)

PLATFORMS
  java

DEPENDENCIES
  nokogiri
