GEM
  remote: http://rubygems.org/
  specs:
    mini_exiftool (1.3.1)

PLATFORMS
  java

DEPENDENCIES
  mini_exiftool
